GEM
  remote: https://rubygems.org/
  specs:
    CFPropertyList (2.2.8)
    activesupport (3.2.19)
      i18n (~> 0.6, >= 0.6.4)
      multi_json (~> 1.0)
    blockenspiel (0.4.5)
    colored (1.2)
    i18n (0.6.11)
    multi_json (1.10.1)
    versionomy (0.4.4)
      blockenspiel (>= 0.4.5)
    xcodeproj (0.18.0)
      CFPropertyList (~> 2.2)
      activesupport (~> 3.0)
      colored (~> 1.2)

PLATFORMS
  ruby

DEPENDENCIES
  versionomy
  xcodeproj
